GIT
  remote: git://github.com/funkensturm/gamesocket.git
  revision: 7c7f543d3a3fe16f087379e0cb352f7dff639d54
  tag: 0.1.0
  specs:
    gamesocket (0.1.0)
      msgpack (~> 0.4.7)

GEM
  remote: http://rubygems.org/
  specs:
    activemodel (3.2.8)
      activesupport (= 3.2.8)
      builder (~> 3.0.0)
    activesupport (3.2.8)
      i18n (~> 0.6)
      multi_json (~> 1.0)
    builder (3.0.3)
    chipmunk (5.3.4.5)
    diff-lcs (1.1.3)
    guard (1.3.2)
      listen (>= 0.4.2)
      thor (>= 0.14.6)
    guard-rspec (1.2.1)
      guard (>= 1.1)
    i18n (0.6.1)
    listen (0.5.0)
    msgpack (0.4.7)
    multi_json (1.3.6)
    rb-fsevent (0.9.1)
    rspec (2.11.0)
      rspec-core (~> 2.11.0)
      rspec-expectations (~> 2.11.0)
      rspec-mocks (~> 2.11.0)
    rspec-core (2.11.1)
    rspec-expectations (2.11.3)
      diff-lcs (~> 1.1.3)
    rspec-mocks (2.11.2)
    thor (0.16.0)

PLATFORMS
  ruby

DEPENDENCIES
  activemodel (= 3.2.8)
  activesupport (= 3.2.8)
  chipmunk (= 5.3.4.5)
  gamesocket (= 0.1.0)!
  guard-rspec (= 1.2.1)
  rb-fsevent (= 0.9.1)
  rspec (= 2.11.0)
